PATH
  remote: .
  specs:
    activerecord-pluck_in_batches (0.2.1)
      activerecord (>= 4.2.7, < 6.0.0)

GEM
  remote: https://rubygems.org/
  specs:
    activemodel (5.2.4.5)
      activesupport (= 5.2.4.5)
    activerecord (5.2.4.5)
      activemodel (= 5.2.4.5)
      activesupport (= 5.2.4.5)
      arel (>= 9.0)
    activesupport (5.2.4.5)
      concurrent-ruby (~> 1.0, >= 1.0.2)
      i18n (>= 0.7, < 2)
      minitest (~> 5.1)
      tzinfo (~> 1.1)
    arel (9.0.0)
    concurrent-ruby (1.1.8)
    i18n (1.8.9)
      concurrent-ruby (~> 1.0)
    minitest (5.14.4)
    rake (12.3.3)
    thread_safe (0.3.6)
    tzinfo (1.2.10)
      thread_safe (~> 0.1)

PLATFORMS
  ruby

DEPENDENCIES
  activerecord-pluck_in_batches!
  bundler (~> 2.0)
  rake (>= 10.0, < 13.0.0)

BUNDLED WITH
   2.1.4
